GEM
  remote: http://rubygems.org/
  specs:
    capistrano (2.8.0)
      highline
      net-scp (>= 1.0.0)
      net-sftp (>= 2.0.0)
      net-ssh (>= 2.0.14)
      net-ssh-gateway (>= 1.1.0)
    curb (0.7.15)
    haml (3.1.2)
    highline (1.6.2)
    net-scp (1.0.4)
      net-ssh (>= 1.99.1)
    net-sftp (2.0.5)
      net-ssh (>= 2.0.9)
    net-ssh (2.2.1)
    net-ssh-gateway (1.1.0)
      net-ssh (>= 1.99.1)
    rack (1.3.2)
    ri_cal (0.8.8)
    sass (3.1.2)
    sinatra (1.2.3)
      rack (~> 1.1)
      tilt (>= 1.2.2, < 2.0)
    tilt (1.3)
    yajl-ruby (0.8.2)

PLATFORMS
  ruby

DEPENDENCIES
  capistrano
  curb
  haml
  ri_cal
  sass
  sinatra
  yajl-ruby
